GEM
  remote: https://rubygems.org/
  specs:
    coderay (1.1.1)
    facets (3.1.0)
    ffi (1.9.14-java)
    jdbc-sqlite3 (3.8.11.2)
    jrubyfx (1.2.0-java)
      jrubyfx-fxmlloader (>= 0.4)
    jrubyfx-fxmlloader (0.4.1-java)
    json (2.0.2)
    json (2.0.2-java)
    method_source (0.8.2)
    pry (0.10.4)
      coderay (~> 1.1.0)
      method_source (~> 0.8.1)
      slop (~> 3.4)
    pry (0.10.4-java)
      coderay (~> 1.1.0)
      method_source (~> 0.8.1)
      slop (~> 3.4)
      spoon (~> 0.0)
    pry-doc (0.9.0)
      pry (~> 0.9)
      yard (~> 0.8)
    rake (12.0.0)
    sequel (4.41.0)
    slop (3.6.0)
    spoon (0.0.6)
      ffi
    yard (0.9.5)

PLATFORMS
  java
  ruby

DEPENDENCIES
  facets
  jdbc-sqlite3
  jrubyfx
  json
  pry
  pry-doc
  rake
  sequel

BUNDLED WITH
   1.13.7
